GEM
  remote: http://rubygems.org/
  specs:
    gender_detector (2.0.0)

PLATFORMS
  ruby

DEPENDENCIES
  gender_detector

BUNDLED WITH
   2.0.2
